GEM
  remote: https://rubygems.org/
  specs:
    activemodel (3.2.12)
      activesupport (= 3.2.12)
      builder (~> 3.0.0)
    activerecord (3.2.12)
      activemodel (= 3.2.12)
      activesupport (= 3.2.12)
      arel (~> 3.0.2)
      tzinfo (~> 0.3.29)
    activesupport (3.2.12)
      i18n (~> 0.6)
      multi_json (~> 1.0)
    addressable (2.3.6)
    arel (3.0.2)
    backports (2.6.1)
    builder (3.0.4)
    daemons (1.1.9)
    diff-lcs (1.1.3)
    eventmachine (1.0.0)
    excon (0.25.3)
    faker (1.1.2)
      i18n (~> 0.5)
    hashie (2.1.2)
    heroku (3.2.3)
      heroku-api (~> 0.3.7)
      launchy (>= 0.3.2)
      netrc (~> 0.7.7)
      rest-client (~> 1.6.1)
      rubyzip
    heroku-api (0.3.15)
      excon (~> 0.25.1)
    httmultiparty (0.3.15)
      httparty (>= 0.7.3)
      mimemagic
      multipart-post
    httparty (0.11.0)
      multi_json (~> 1.0)
      multi_xml (>= 0.5.2)
    i18n (0.6.1)
    json (1.8.1)
    launchy (2.4.2)
      addressable (~> 2.3)
    mime-types (1.25.1)
    mimemagic (0.2.1)
    multi_json (1.6.1)
    multi_xml (0.5.5)
    multipart-post (2.0.0)
    netrc (0.7.7)
    pg (0.14.1)
    rack (1.5.2)
    rack-protection (1.3.2)
      rack
    rack-test (0.6.2)
      rack (>= 1.0)
    rake (10.0.3)
    rapgenius (1.0.3)
      httparty (~> 0.11.0)
    rdoc (4.1.1)
      json (~> 1.4)
    rest-client (1.6.8)
      mime-types (~> 1.16)
      rdoc (>= 2.4.2)
    rspec (2.12.0)
      rspec-core (~> 2.12.0)
      rspec-expectations (~> 2.12.0)
      rspec-mocks (~> 2.12.0)
    rspec-core (2.12.2)
    rspec-expectations (2.12.1)
      diff-lcs (~> 1.1.3)
    rspec-mocks (2.12.2)
    rubyzip (1.1.6)
    shotgun (0.9)
      rack (>= 1.0)
    sinatra (1.3.4)
      rack (~> 1.4)
      rack-protection (~> 1.3)
      tilt (~> 1.3, >= 1.3.3)
    sinatra-contrib (1.3.1)
      backports (>= 2.0)
      eventmachine
      rack-protection
      rack-test
      sinatra (~> 1.3.0)
      tilt (~> 1.3)
    soundcloud (0.3.2)
      hashie (~> 2.0)
      httmultiparty (~> 0.3.0)
    thin (1.5.0)
      daemons (>= 1.0.9)
      eventmachine (>= 0.12.6)
      rack (>= 1.0.0)
    tilt (1.3.3)
    tzinfo (0.3.35)

PLATFORMS
  ruby

DEPENDENCIES
  activerecord
  activesupport
  faker
  heroku
  pg
  rake
  rapgenius
  rspec
  shotgun
  sinatra
  sinatra-contrib
  soundcloud
  thin
